GEM
  specs:
    eventmachine (1.2.3)

PLATFORMS
  ruby

DEPENDENCIES
  eventmachine

RUBY VERSION
   ruby 2.2.2p95

BUNDLED WITH
   1.15.1
